PATH
  remote: .
  specs:
    hi_strung (0.1.0)

GEM
  remote: https://rubygems.org/
  specs:
    coderay (1.1.2)
    colorize (0.8.1)
    diff-lcs (1.3)
    httparty (0.18.0)
      mime-types (~> 3.0)
      multi_xml (>= 0.5.2)
    method_source (1.0.0)
    mime-types (3.3.1)
      mime-types-data (~> 3.2015)
    mime-types-data (3.2020.0425)
    mini_portile2 (2.4.0)
    multi_xml (0.6.0)
    nokogiri (1.10.9)
      mini_portile2 (~> 2.4.0)
    pry (0.13.1)
      coderay (~> 1.1)
      method_source (~> 1.0)
    rake (12.3.3)
    rspec (3.9.0)
      rspec-core (~> 3.9.0)
      rspec-expectations (~> 3.9.0)
      rspec-mocks (~> 3.9.0)
    rspec-core (3.9.1)
      rspec-support (~> 3.9.1)
    rspec-expectations (3.9.1)
      diff-lcs (>= 1.2.0, < 2.0)
      rspec-support (~> 3.9.0)
    rspec-mocks (3.9.1)
      diff-lcs (>= 1.2.0, < 2.0)
      rspec-support (~> 3.9.0)
    rspec-support (3.9.2)

PLATFORMS
  ruby

DEPENDENCIES
  colorize (~> 0.8.1)
  hi_strung!
  httparty (~> 0.18.0)
  nokogiri (~> 1.10)
  pry (~> 0.13.1)
  rake (~> 12.0)
  rspec (~> 3.0)

BUNDLED WITH
   2.1.4
